RESTRICTION: == net47
NUGET
  remote: https://www.nuget.org/api/v2
    FSharp.Compiler.Tools (10.2.3)
    FSharp.Core (4.3.4)
    FSharpx.Extras (2.3.2)
    FsUnit (4.0.1)
    NUnit (3.12)
